GIT
  remote: https://github.com/arecker/kitchen-salt.git
  revision: b53029c8b0ec91aff04393287b90d89548705863
  specs:
    kitchen-salt (0.0.5)
      test-kitchen

GEM
  remote: https://rubygems.org/
  specs:
    activesupport (4.2.8)
      i18n (~> 0.7)
      minitest (~> 5.1)
      thread_safe (~> 0.3, >= 0.3.4)
      tzinfo (~> 1.1)
    artifactory (2.8.1)
    ast (2.3.0)
    attribute_struct (0.3.4)
      bogo (>= 0.1.31, < 0.3.0)
    aws-sdk (2.6.50)
      aws-sdk-resources (= 2.6.50)
    aws-sdk-core (2.6.50)
      aws-sigv4 (~> 1.0)
      jmespath (~> 1.0)
    aws-sdk-resources (2.6.50)
      aws-sdk-core (= 2.6.50)
    aws-sigv4 (1.0.0)
    bogo (0.2.8)
      hashie
      multi_json
    cfndsl (0.12.4)
    colorize (0.8.1)
    commander (4.4.3)
      highline (~> 1.7.2)
    deep_merge (1.1.1)
    diffy (3.2.0)
    dotgpg (0.7.0)
      gpgme
      thor
    erubis (2.7.0)
    excon (0.55.0)
    gpgme (2.0.12)
      mini_portile2 (~> 2.1.0)
    hashie (3.5.5)
    highline (1.7.8)
    i18n (0.8.1)
    jmespath (1.3.1)
    kitchen-ec2 (1.3.2)
      aws-sdk (~> 2)
      excon
      multi_json
      retryable (~> 2.0)
      test-kitchen (~> 1.4, >= 1.4.1)
    mini_portile2 (2.1.0)
    minitest (5.10.1)
    mixlib-install (2.1.12)
      artifactory
      mixlib-shellout
      mixlib-versioning
      thor
    mixlib-shellout (2.2.7)
    mixlib-versioning (1.1.0)
    multi_json (1.12.1)
    net-scp (1.2.1)
      net-ssh (>= 2.6.5)
    net-ssh (4.1.0)
    net-ssh-gateway (1.3.0)
      net-ssh (>= 2.6.5)
    parser (2.4.0.0)
      ast (~> 2.2)
    powerpack (0.1.1)
    rainbow (2.1.0)
    retryable (2.0.4)
    rubocop (0.48.0)
      parser (>= 2.3.3.1, < 3.0)
      powerpack (~> 0.1)
      rainbow (>= 1.99.1, < 3.0)
      ruby-progressbar (~> 1.7)
      unicode-display_width (~> 1.0, >= 1.0.1)
    ruby-progressbar (1.8.1)
    safe_yaml (1.0.4)
    sparkle_formation (1.2.0)
      attribute_struct (>= 0.2.27, < 0.4)
      bogo
      multi_json
    stack_master (0.14.0)
      activesupport (~> 4.2)
      aws-sdk (~> 2.6.26)
      cfndsl
      colorize
      commander
      deep_merge
      diffy
      dotgpg
      erubis
      ruby-progressbar
      sparkle_formation (~> 1.1)
      table_print
    table_print (1.5.6)
    test-kitchen (1.16.0)
      mixlib-install (>= 1.2, < 3.0)
      mixlib-shellout (>= 1.2, < 3.0)
      net-scp (~> 1.1)
      net-ssh (>= 2.9, < 5.0)
      net-ssh-gateway (~> 1.2)
      safe_yaml (~> 1.0)
      thor (~> 0.19, < 0.19.2)
    thor (0.19.1)
    thread_safe (0.3.6)
    tzinfo (1.2.3)
      thread_safe (~> 0.1)
    unicode-display_width (1.1.3)

PLATFORMS
  ruby

DEPENDENCIES
  kitchen-ec2
  kitchen-salt!
  rainbow (>= 2.1.0, < 2.2.0)
  rubocop
  stack_master

BUNDLED WITH
   1.14.6
