GEM
  remote: https://rubygems.org/
  specs:
    activesupport (5.1.4)
      concurrent-ruby (~> 1.0, >= 1.0.2)
      i18n (~> 0.7)
      minitest (~> 5.1)
      tzinfo (~> 1.1)
    attribute_struct (0.4.2)
      bogo (>= 0.1.31, < 0.3.0)
    aws-sdk (2.10.78)
      aws-sdk-resources (= 2.10.78)
    aws-sdk-core (2.10.78)
      aws-sigv4 (~> 1.0)
      jmespath (~> 1.0)
    aws-sdk-resources (2.10.78)
      aws-sdk-core (= 2.10.78)
    aws-sigv4 (1.0.2)
    bogo (0.2.10)
      hashie
      multi_json
    cfndsl (0.15.3)
    colorize (0.8.1)
    commander (4.4.3)
      highline (~> 1.7.2)
    concurrent-ruby (1.0.5)
    deep_merge (1.1.1)
    diffy (3.2.0)
    dotgpg (0.7.0)
      gpgme
      thor
    erubis (2.7.0)
    gpgme (2.0.14)
      mini_portile2 (~> 2.1)
    hashie (3.5.6)
    highline (1.7.8)
    i18n (0.9.1)
      concurrent-ruby (~> 1.0)
    jmespath (1.3.1)
    mini_portile2 (2.3.0)
    minitest (5.10.3)
    multi_json (1.12.2)
    ruby-progressbar (1.9.0)
    sparkle_formation (3.0.26)
      attribute_struct (>= 0.3.5, < 0.5)
      bogo
      multi_json
    stack_master (0.18.0)
      activesupport (>= 4)
      aws-sdk (~> 2.6)
      cfndsl
      colorize
      commander
      deep_merge
      diffy
      dotgpg
      erubis
      ruby-progressbar
      sparkle_formation
      table_print
    table_print (1.5.6)
    thor (0.20.0)
    thread_safe (0.3.6)
    tzinfo (1.2.4)
      thread_safe (~> 0.1)

PLATFORMS
  ruby

DEPENDENCIES
  stack_master

BUNDLED WITH
   1.16.0.pre.2
