GEM
  remote: https://rubygems.org/
  specs:
    activesupport (4.2.8)
      i18n (~> 0.7)
      minitest (~> 5.1)
      thread_safe (~> 0.3, >= 0.3.4)
      tzinfo (~> 1.1)
    attribute_struct (0.4.2)
      bogo (>= 0.1.31, < 0.3.0)
    aws-sdk (2.6.50)
      aws-sdk-resources (= 2.6.50)
    aws-sdk-core (2.6.50)
      aws-sigv4 (~> 1.0)
      jmespath (~> 1.0)
    aws-sdk-resources (2.6.50)
      aws-sdk-core (= 2.6.50)
    aws-sigv4 (1.0.0)
    bogo (0.2.8)
      hashie
      multi_json
    cfndsl (0.13.1)
    colorize (0.8.1)
    commander (4.4.3)
      highline (~> 1.7.2)
    deep_merge (1.1.1)
    diffy (3.2.0)
    dotgpg (0.7.0)
      gpgme
      thor
    erubis (2.7.0)
    gpgme (2.0.12)
      mini_portile2 (~> 2.1.0)
    hashie (3.5.5)
    highline (1.7.8)
    i18n (0.8.1)
    jmespath (1.3.1)
    mini_portile2 (2.1.0)
    minitest (5.10.2)
    multi_json (1.12.1)
    ruby-progressbar (1.8.1)
    sparkle_formation (3.0.22)
      attribute_struct (>= 0.3.5, < 0.5)
      bogo
      multi_json
    stack_master (0.16.0)
      activesupport (~> 4.2)
      aws-sdk (~> 2.6.26)
      cfndsl
      colorize
      commander
      deep_merge
      diffy
      dotgpg
      erubis
      ruby-progressbar
      sparkle_formation
      table_print
    table_print (1.5.6)
    thor (0.19.4)
    thread_safe (0.3.6)
    tzinfo (1.2.3)
      thread_safe (~> 0.1)

PLATFORMS
  ruby

DEPENDENCIES
  stack_master

BUNDLED WITH
   1.15.0
